PATH
  remote: .
  specs:
    lifer (0.2.0)
      kramdown (~> 2.4)

GEM
  remote: https://rubygems.org/
  specs:
    debug (1.6.2)
      irb (>= 1.3.6)
      reline (>= 0.3.1)
    diff-lcs (1.5.0)
    io-console (0.5.11)
    irb (1.4.1)
      reline (>= 0.3.0)
    kramdown (2.4.0)
      rexml
    rake (13.0.6)
    reline (0.3.1)
      io-console (~> 0.5)
    rexml (3.2.5)
    rspec (3.11.0)
      rspec-core (~> 3.11.0)
      rspec-expectations (~> 3.11.0)
      rspec-mocks (~> 3.11.0)
    rspec-core (3.11.0)
      rspec-support (~> 3.11.0)
    rspec-expectations (3.11.0)
      diff-lcs (>= 1.2.0, < 2.0)
      rspec-support (~> 3.11.0)
    rspec-mocks (3.11.1)
      diff-lcs (>= 1.2.0, < 2.0)
      rspec-support (~> 3.11.0)
    rspec-support (3.11.0)

PLATFORMS
  x86_64-darwin-21
  x86_64-linux

DEPENDENCIES
  debug
  lifer!
  rake (~> 13.0)
  rspec (~> 3.0)

BUNDLED WITH
   2.3.21
