PATH
  remote: .
  specs:
    lifer (0.2.0)
      kramdown (~> 2.4)
      puma (< 7)
      rack (< 4)
      rss

GEM
  remote: https://rubygems.org/
  specs:
    addressable (2.8.7)
      public_suffix (>= 2.0.2, < 7.0)
    capybara (3.40.0)
      addressable
      matrix
      mini_mime (>= 0.1.3)
      nokogiri (~> 1.11)
      rack (>= 1.6.0)
      rack-test (>= 0.6.3)
      regexp_parser (>= 1.5, < 3.0)
      xpath (~> 3.2)
    debug (1.9.1)
      irb (~> 1.10)
      reline (>= 0.3.8)
    diff-lcs (1.5.1)
    io-console (0.7.2)
    irb (1.11.2)
      rdoc
      reline (>= 0.4.2)
    kramdown (2.4.0)
      rexml
    language_server-protocol (3.17.0.3)
    matrix (0.4.2)
    mini_mime (1.1.5)
    nio4r (2.7.3)
    nokogiri (1.16.2-arm64-darwin)
      racc (~> 1.4)
    nokogiri (1.16.2-x86_64-darwin)
      racc (~> 1.4)
    nokogiri (1.16.2-x86_64-linux)
      racc (~> 1.4)
    prism (0.29.0)
    psych (5.1.2)
      stringio
    public_suffix (6.0.0)
    puma (6.4.2)
      nio4r (~> 2.0)
    racc (1.7.3)
    rack (3.1.7)
    rack-test (2.1.0)
      rack (>= 1.3)
    rake (13.1.0)
    rdoc (6.6.2)
      psych (>= 4.0.0)
    regexp_parser (2.9.2)
    reline (0.4.2)
      io-console (~> 0.5)
    rexml (3.2.6)
    rspec (3.13.0)
      rspec-core (~> 3.13.0)
      rspec-expectations (~> 3.13.0)
      rspec-mocks (~> 3.13.0)
    rspec-core (3.13.0)
      rspec-support (~> 3.13.0)
    rspec-expectations (3.13.0)
      diff-lcs (>= 1.2.0, < 2.0)
      rspec-support (~> 3.13.0)
    rspec-mocks (3.13.0)
      diff-lcs (>= 1.2.0, < 2.0)
      rspec-support (~> 3.13.0)
    rspec-support (3.13.1)
    rss (0.3.0)
      rexml
    ruby-lsp (0.17.2)
      language_server-protocol (~> 3.17.0)
      prism (>= 0.29.0, < 0.30)
      sorbet-runtime (>= 0.5.10782)
    sorbet-runtime (0.5.11415)
    stringio (3.1.0)
    xpath (3.2.0)
      nokogiri (~> 1.8)
    yard (0.9.34)

PLATFORMS
  arm64-darwin-22
  x86_64-darwin-21
  x86_64-darwin-22
  x86_64-linux

DEPENDENCIES
  capybara
  debug
  lifer!
  nokogiri
  rake (~> 13.0)
  rspec (~> 3.0)
  ruby-lsp
  yard

BUNDLED WITH
   2.3.21
